PATH
  remote: .
  specs:
    configuration (1.3.3)

GEM
  remote: https://rubygems.org/
  specs:
    minitest (4.5.0)
    rake (0.9.2)

PLATFORMS
  ruby

DEPENDENCIES
  configuration!
  minitest
  rake
