PATH
  remote: .
  specs:
    configuration (1.4.5)

GEM
  remote: https://rubygems.org/
  specs:
    minitest (5.2.2)
    rake (10.1.1)

PLATFORMS
  ruby

DEPENDENCIES
  configuration!
  minitest
  rake
