PATH
  remote: .
  specs:
    configuration (1.3.2)

GEM
  remote: https://rubygems.org/
  specs:
    minitest (4.5.0)

PLATFORMS
  ruby

DEPENDENCIES
  configuration!
  minitest
