PATH
  remote: .
  specs:
    configuration (1.4.4)

GEM
  remote: https://rubygems.org/
  specs:
    columnize (0.3.6)
    linecache (0.46)
      rbx-require-relative (> 0.0.4)
    minitest (4.5.0)
    rake (0.9.2)
    rbx-require-relative (0.0.9)
    ruby-debug (0.10.4)
      columnize (>= 0.1)
      ruby-debug-base (~> 0.10.4.0)
    ruby-debug-base (0.10.4)
      linecache (>= 0.3)

PLATFORMS
  ruby

DEPENDENCIES
  configuration!
  minitest
  rake
  ruby-debug
  ruby-debug-base
